PATH
  remote: .
  specs:
    null_gem (0.0.1)

GEM
  remote: https://rubygems.org/
  specs:
    rake (13.0.6)

PLATFORMS
  ruby

DEPENDENCIES
  null_gem!
  rake (~> 13.0)

BUNDLED WITH
   2.3.4
